GEM
  remote: https://rubygems.org/
  specs:
    amq-protocol (1.9.2)
    bunny (1.1.7)
      amq-protocol (>= 1.9.2)
    carrot-top (0.0.7)
      json
    diff-lcs (1.2.5)
    hutch (0.8.0)
      bunny (~> 1.1.2)
      carrot-top (~> 0.0.7)
      multi_json (~> 1.5)
    json (1.8.1)
    multi_json (1.9.2)
    oj (2.6.0)
    rack (1.5.2)
    rack-protection (1.5.2)
      rack
    rack-test (0.6.2)
      rack (>= 1.0)
    rspec (2.14.1)
      rspec-core (~> 2.14.0)
      rspec-expectations (~> 2.14.0)
      rspec-mocks (~> 2.14.0)
    rspec-core (2.14.7)
    rspec-expectations (2.14.5)
      diff-lcs (>= 1.1.3, < 2.0)
    rspec-mocks (2.14.6)
    sinatra (1.4.4)
      rack (~> 1.4)
      rack-protection (~> 1.4)
      tilt (~> 1.3, >= 1.3.4)
    tilt (1.4.1)

PLATFORMS
  ruby

DEPENDENCIES
  hutch
  oj
  rack
  rack-test
  rspec
  sinatra
